PATH
  remote: .
  specs:
    breweries_near_me (0.1.0)
      nokogiri

GEM
  remote: https://rubygems.org/
  specs:
    coderay (1.1.2)
    figaro (1.1.1)
      thor (~> 0.14)
    method_source (0.9.0)
    mini_portile2 (2.3.0)
    nokogiri (1.8.1)
      mini_portile2 (~> 2.3.0)
    pry (0.11.3)
      coderay (~> 1.1.0)
      method_source (~> 0.9.0)
    rake (10.4.2)
    thor (0.20.0)

PLATFORMS
  ruby

DEPENDENCIES
  breweries_near_me!
  bundler (~> 1.16)
  figaro
  pry
  rake (~> 10.0)

BUNDLED WITH
   1.16.0
