PATH
  remote: .
  specs:
    nolanHughes_cli_app (0.1.0)

GEM
  remote: https://rubygems.org/
  specs:
    rake (10.4.2)

PLATFORMS
  ruby

DEPENDENCIES
  bundler (~> 1.16)
  nolanHughes_cli_app!
  rake (~> 10.0)

BUNDLED WITH
   1.16.0
