PATH
  remote: .
  specs:
    breweries_near_me (0.1.0)

GEM
  remote: https://rubygems.org/
  specs:
    coderay (1.1.2)
    method_source (0.9.0)
    pry (0.11.3)
      coderay (~> 1.1.0)
      method_source (~> 0.9.0)
    rake (10.4.2)

PLATFORMS
  ruby

DEPENDENCIES
  breweries_near_me!
  bundler (~> 1.16)
  pry
  rake (~> 10.0)

BUNDLED WITH
   1.16.0
