PATH
  remote: .
  specs:
    breweries_near_me (0.1.0)
      rest-client

GEM
  remote: https://rubygems.org/
  specs:
    coderay (1.1.2)
    domain_name (0.5.20170404)
      unf (>= 0.0.5, < 1.0.0)
    figaro (1.1.1)
      thor (~> 0.14)
    http-cookie (1.0.3)
      domain_name (~> 0.5)
    method_source (0.9.0)
    mime-types (3.1)
      mime-types-data (~> 3.2015)
    mime-types-data (3.2016.0521)
    netrc (0.11.0)
    pry (0.11.3)
      coderay (~> 1.1.0)
      method_source (~> 0.9.0)
    rake (10.4.2)
    rest-client (2.0.2)
      http-cookie (>= 1.0.2, < 2.0)
      mime-types (>= 1.16, < 4.0)
      netrc (~> 0.8)
    thor (0.20.0)
    unf (0.1.4)
      unf_ext
    unf_ext (0.0.7.4)

PLATFORMS
  ruby

DEPENDENCIES
  breweries_near_me!
  bundler (~> 1.16)
  figaro
  pry
  rake (~> 10.0)

BUNDLED WITH
   1.16.0
